GEM
  remote: https://rubygems.org/
  specs:
    activemodel (3.2.19)
      activesupport (= 3.2.19)
      builder (~> 3.0.0)
    activesupport (3.2.19)
      i18n (~> 0.6, >= 0.6.4)
      multi_json (~> 1.0)
    builder (3.0.4)
    capybara (2.4.3)
      mime-types (>= 1.16)
      nokogiri (>= 1.3.3)
      rack (>= 1.0.0)
      rack-test (>= 0.5.4)
      xpath (~> 2.0)
    childprocess (0.5.5)
      ffi (~> 1.0, >= 1.0.11)
    cucumber (1.3.17)
      builder (>= 2.1.2)
      diff-lcs (>= 1.1.3)
      gherkin (~> 2.12)
      multi_json (>= 1.7.5, < 2.0)
      multi_test (>= 0.1.1)
    diff-lcs (1.2.5)
    erubis (2.7.0)
    ffi (1.9.5)
    gherkin (2.12.2)
      multi_json (~> 1.3)
    http_router (0.11.1)
      rack (>= 1.0.0)
      url_mount (~> 0.2.1)
    i18n (0.6.11)
    mail (2.5.4)
      mime-types (~> 1.16)
      treetop (~> 1.4.8)
    mime-types (1.25.1)
    mini_portile (0.6.0)
    moneta (0.7.20)
    mongoid (3.0.23)
      activemodel (~> 3.1)
      moped (~> 1.2)
      origin (~> 1.0)
      tzinfo (~> 0.3.22)
    moped (1.5.2)
    multi_json (1.10.1)
    multi_test (0.1.1)
    nokogiri (1.6.3.1)
      mini_portile (= 0.6.0)
    origin (1.1.0)
    padrino (0.12.2)
      padrino-admin (= 0.12.2)
      padrino-cache (= 0.12.2)
      padrino-core (= 0.12.2)
      padrino-gen (= 0.12.2)
      padrino-helpers (= 0.12.2)
      padrino-mailer (= 0.12.2)
      padrino-support (= 0.12.2)
    padrino-admin (0.12.2)
      padrino-core (= 0.12.2)
      padrino-helpers (= 0.12.2)
    padrino-cache (0.12.2)
      moneta (~> 0.7.0)
      padrino-core (= 0.12.2)
      padrino-helpers (= 0.12.2)
    padrino-core (0.12.2)
      activesupport (>= 3.1)
      http_router (~> 0.11.0)
      padrino-support (= 0.12.2)
      rack-protection (>= 1.5.0)
      sinatra (~> 1.4.2)
      thor (~> 0.18.0)
    padrino-gen (0.12.2)
      bundler (~> 1.0)
      padrino-core (= 0.12.2)
    padrino-helpers (0.12.2)
      i18n (~> 0.6, >= 0.6.7)
      padrino-support (= 0.12.2)
      tilt (~> 1.4.1)
    padrino-mailer (0.12.2)
      mail (~> 2.5.3)
      padrino-core (= 0.12.2)
    padrino-support (0.12.2)
      activesupport (>= 3.1)
    polyglot (0.3.5)
    rack (1.5.2)
    rack-protection (1.5.3)
      rack
    rack-test (0.6.2)
      rack (>= 1.0)
    rake (10.3.2)
    rspec (3.1.0)
      rspec-core (~> 3.1.0)
      rspec-expectations (~> 3.1.0)
      rspec-mocks (~> 3.1.0)
    rspec-core (3.1.5)
      rspec-support (~> 3.1.0)
    rspec-expectations (3.1.2)
      diff-lcs (>= 1.2.0, < 2.0)
      rspec-support (~> 3.1.0)
    rspec-mocks (3.1.2)
      rspec-support (~> 3.1.0)
    rspec-support (3.1.1)
    rubyzip (1.1.6)
    selenium-webdriver (2.43.0)
      childprocess (~> 0.5)
      multi_json (~> 1.0)
      rubyzip (~> 1.0)
      websocket (~> 1.0)
    sinatra (1.4.5)
      rack (~> 1.4)
      rack-protection (~> 1.4)
      tilt (~> 1.3, >= 1.3.4)
    thor (0.18.1)
    tilt (1.4.1)
    treetop (1.4.15)
      polyglot
      polyglot (>= 0.3.1)
    tzinfo (0.3.41)
    url_mount (0.2.1)
      rack
    websocket (1.2.1)
    xpath (2.0.0)
      nokogiri (~> 1.3)

PLATFORMS
  ruby

DEPENDENCIES
  capybara
  cucumber
  erubis (~> 2.7.0)
  mongoid (~> 3.0.0)
  padrino (= 0.12.2)
  rack-test
  rake
  rspec
  selenium-webdriver
